GEM
  remote: https://rubygems.org/
  specs:
    aws-eventstream (1.3.0)
    aws-partitions (1.992.0)
    aws-sdk-core (3.210.0)
      aws-eventstream (~> 1, >= 1.3.0)
      aws-partitions (~> 1, >= 1.992.0)
      aws-sigv4 (~> 1.9)
      jmespath (~> 1, >= 1.6.1)
    aws-sdk-ssm (1.183.0)
      aws-sdk-core (~> 3, >= 3.210.0)
      aws-sigv4 (~> 1.5)
    aws-sigv4 (1.10.0)
      aws-eventstream (~> 1, >= 1.0.2)
    jmespath (1.6.2)
    rexml (3.3.8)
    rss (0.3.1)
      rexml

PLATFORMS
  aarch64-linux
  ruby

DEPENDENCIES
  aws-sdk-ssm
  rss

RUBY VERSION
   ruby 3.3.5p100

BUNDLED WITH
   2.5.17
